GEM
  remote: https://rubygems.org/
  specs:
    alphadecimal (1.1.2)
    base64 (0.2.0)
    bigdecimal (3.1.8)
    mustermann (3.0.0)
      ruby2_keywords (~> 0.0.1)
    rack (3.0.11)
    rack-protection (4.0.0)
      base64 (>= 0.1.0)
      rack (>= 3.0.0, < 4)
    rack-session (2.0.0)
      rack (>= 3.0.0)
    ruby2_keywords (0.0.5)
    sequel (5.81.0)
      bigdecimal
    sinatra (4.0.0)
      mustermann (~> 3.0)
      rack (>= 3.0.0, < 4)
      rack-protection (= 4.0.0)
      rack-session (>= 2.0.0, < 3)
      tilt (~> 2.0)
    tilt (2.3.0)

PLATFORMS
  arm64-darwin-22

DEPENDENCIES
  alphadecimal (~> 1.1, >= 1.1.2)
  sequel (~> 5.81)
  sinatra (~> 4.0)

BUNDLED WITH
   2.4.6
